GEM
  remote: http://rubygems.org/
  specs:
    asdf (0.5.0)
      rack (~> 1.2.1)
    ffi (1.0.9)
    guard (0.5.0)
      thor (~> 0.14.6)
    guard-shell (0.1.1)
      guard (>= 0.2.0)
    rack (1.2.3)
    rb-fsevent (0.4.1)
    rb-inotify (0.8.5)
      ffi (>= 0.5.0)
    thor (0.14.6)

PLATFORMS
  ruby

DEPENDENCIES
  asdf
  guard
  guard-shell
  rb-fsevent
  rb-inotify
